GEM
  remote: http://rubygems.org/
  specs:
    activesupport (4.2.6)
      i18n (~> 0.7)
      json (~> 1.7, >= 1.7.7)
      minitest (~> 5.1)
      thread_safe (~> 0.3, >= 0.3.4)
      tzinfo (~> 1.1)
    colorize (0.7.7)
    domain_name (0.5.20160615)
      unf (>= 0.0.5, < 1.0.0)
    hashie (3.4.4)
    http-cookie (1.0.2)
      domain_name (~> 0.5)
    i18n (0.7.0)
    json (1.8.3)
    little-plugger (1.1.4)
    logging (1.8.2)
      little-plugger (>= 1.1.3)
      multi_json (>= 1.8.4)
    logging_factory (0.0.3)
      logging (~> 1.8.1)
      preconditions (~> 0.3.0)
    mime-types (2.99.2)
    minitest (5.9.0)
    mockserver-client (1.0.7)
      activesupport (~> 4.1)
      colorize (~> 0.7)
      hashie (~> 3.0)
      json (~> 1.8)
      logging_factory (~> 0.0.2)
      rest-client (~> 1.7)
      thor (~> 0.19)
    multi_json (1.12.1)
    netrc (0.11.0)
    preconditions (0.3.0)
    rest-client (1.8.0)
      http-cookie (>= 1.0.2, < 2.0)
      mime-types (>= 1.16, < 3.0)
      netrc (~> 0.7)
    thor (0.19.1)
    thread_safe (0.3.5)
    tzinfo (1.2.2)
      thread_safe (~> 0.1)
    unf (0.1.4)
      unf_ext
    unf_ext (0.0.7.2)

PLATFORMS
  ruby

DEPENDENCIES
  mockserver-client

BUNDLED WITH
   1.10.6
